PATH
  remote: .
  specs:
    cloud-sh (1.0.5)
      gli

GEM
  remote: https://rubygems.org/
  specs:
    coderay (1.1.2)
    gli (2.19.0)
    method_source (0.9.2)
    minitest (5.11.3)
    pry (0.12.2)
      coderay (~> 1.1.0)
      method_source (~> 0.9.0)
    rake (10.5.0)

PLATFORMS
  ruby

DEPENDENCIES
  bundler (~> 1.17)
  cloud-sh!
  minitest (~> 5.0)
  pry
  rake (~> 10.0)

BUNDLED WITH
   1.17.2
